GEM
  remote: https://rubygems.org/
  specs:
    appium_lib (9.7.5)
      awesome_print (~> 1.8)
      json (>= 1.8)
      nokogiri (~> 1.6, >= 1.6.6)
      selenium-webdriver (~> 3.4, >= 3.4.1)
      tomlrb (~> 1.1)
    awesome_print (1.8.0)
    backports (3.10.3)
    builder (3.2.3)
    childprocess (0.8.0)
      ffi (~> 1.0, >= 1.0.11)
    coderay (1.1.2)
    cucumber (3.0.1)
      builder (>= 2.1.2)
      cucumber-core (~> 3.0.0)
      cucumber-expressions (~> 4.0.3)
      cucumber-wire (~> 0.0.1)
      diff-lcs (~> 1.3)
      gherkin (~> 4.0)
      multi_json (>= 1.7.5, < 2.0)
      multi_test (>= 0.1.2)
    cucumber-core (3.0.0)
      backports (>= 3.8.0)
      cucumber-tag_expressions (>= 1.0.1)
      gherkin (>= 4.1.3)
    cucumber-expressions (4.0.4)
    cucumber-tag_expressions (1.0.1)
    cucumber-wire (0.0.1)
    diff-lcs (1.3)
    ffi (1.9.18)
    gherkin (4.1.3)
    json (2.1.0)
    method_source (0.9.0)
    mini_portile2 (2.3.0)
    multi_json (1.12.2)
    multi_test (0.1.2)
    nokogiri (1.8.1)
      mini_portile2 (~> 2.3.0)
    pry (0.11.2)
      coderay (~> 1.1.0)
      method_source (~> 0.9.0)
    require_all (1.4.0)
    rubyzip (1.2.1)
    selenium-webdriver (3.7.0)
      childprocess (~> 0.5)
      rubyzip (~> 1.0)
    tomlrb (1.2.6)

PLATFORMS
  ruby

DEPENDENCIES
  appium_lib
  cucumber
  pry
  require_all

BUNDLED WITH
   1.15.4
